GEM
  remote: https://rubygems.org/
  specs:
    builder (3.2.2)
    faraday (0.9.2)
      multipart-post (>= 1.2, < 3)
    geminabox (0.13.0)
      builder
      faraday
      httpclient (>= 2.2.7)
      nesty
      sinatra (>= 1.2.7)
    httpclient (2.8.0)
    multipart-post (2.0.0)
    nesty (1.0.2)
    passenger (5.0.27)
      rack
      rake (>= 0.8.1)
    rack (1.6.4)
    rack-protection (1.5.3)
      rack
    rake (11.1.2)
    sinatra (1.4.7)
      rack (~> 1.5)
      rack-protection (~> 1.4)
      tilt (>= 1.3, < 3)
    tilt (2.0.2)

PLATFORMS
  ruby

DEPENDENCIES
  geminabox
  passenger

BUNDLED WITH
   1.11.2
